GEM
  remote: http://rubygems.org/
  specs:
    active_support (3.0.0)
      activesupport (= 3.0.0)
    activesupport (3.0.0)
    excon (0.6.5)
    hpricot (0.8.4)
    nokogiri (1.5.0)
    rack (1.3.1)
    shotgun (0.9)
      rack (>= 1.0)
    sinatra (1.2.6)
      rack (~> 1.1)
      tilt (< 2.0, >= 1.2.2)
    tilt (1.3.2)

PLATFORMS
  ruby

DEPENDENCIES
  active_support
  excon
  hpricot
  nokogiri
  shotgun
  sinatra
